GEM
  remote: https://rubygems.org/
  specs:
    active_support (3.0.0)
      activesupport (= 3.0.0)
    activesupport (3.0.0)
    fastercsv (1.5.5)

PLATFORMS
  ruby

DEPENDENCIES
  active_support
  fastercsv
